GIT
  remote: https://github.com/flyerhzm/bullet.git
  revision: 1677bc0ff78ed550e82a8fd5ecb97f64c7e83e36
  ref: 1677bc0ff78ed550e82a8fd5ecb97f64c7e83e36
  specs:
    bullet (5.7.5)
      activesupport (>= 3.0.0)
      uniform_notifier (~> 1.11.0)

GIT
  remote: https://github.com/instructure/test-queue.git
  revision: d35166408df3a5396cd809e85dcba175136a69ba
  ref: d35166408df3a5396cd809e85dcba175136a69ba
  specs:
    test-queue (0.2.13)

GIT
  remote: https://github.com/kreynolds/cassandra-cql.git
  revision: 02b5abbe441a345c051a180327932566fd66bb36
  ref: 02b5abbe441a345c051a180327932566fd66bb36
  specs:
    cassandra-cql (1.2.3)
      simple_uuid (>= 0.2.0)
      thrift_client (>= 0.7.1, < 0.10)

GIT
  remote: https://github.com/rails-api/active_model_serializers.git
  revision: 61882e1e4127facfe92e49057aec71edbe981829
  ref: 61882e1e4127facfe92e49057aec71edbe981829
  specs:
    active_model_serializers (0.9.0.alpha1)
      activemodel (>= 3.2)

GIT
  remote: https://github.com/redis-store/redis-activesupport.git
  revision: 25eea213854b4b1f918e55e6d2536813c34e8e2a
  ref: 25eea213854b4b1f918e55e6d2536813c34e8e2a
  specs:
    redis-activesupport (5.0.4)
      activesupport (>= 3, < 6)
      redis-store (>= 1.3, < 2)

GIT
  remote: https://github.com/redis-store/redis-store.git
  revision: af2303747d701a49622d3884285324f1be665d94
  ref: af2303747d701a49622d3884285324f1be665d94
  specs:
    redis-store (1.4.1)
      redis (>= 2.2, < 5)

GIT
  remote: https://github.com/tucker-m/pact-ruby.git
  revision: 28cbcb1daf5ecd7b742710671d70ad6c776eba37
  tag: pr1.2
  specs:
    pact (1.22.2.2)
      json (> 1.8.5)
      pact-mock_service (~> 2.0)
      pact-support
      rack-test (~> 0.6, >= 0.6.3)
      randexp (~> 0.1.7)
      rspec (>= 2.14)
      term-ansicolor (~> 1.0)
      thor
      webrick

GIT
  remote: https://github.com/tucker-m/pact-support.git
  revision: 27ead19411e4f82a953d6f98da37977bc1ea7fe8
  tag: pr1.2
  specs:
    pact-support (1.5.2.2)
      awesome_print (~> 1.1)
      find_a_port (~> 1.0.1)
      json
      randexp (~> 0.1.7)
      rspec (>= 2.14)
      term-ansicolor (~> 1.0)
      thor

GIT
  remote: https://github.com/twitter/thrift_client.git
  revision: 5c10d59881825cb8e26ab1aa8f1d2738e88c0e83
  ref: 5c10d59881825cb8e26ab1aa8f1d2738e88c0e83
  specs:
    thrift_client (0.9.3)
      thrift (~> 0.9.0)

PATH
  remote: gems/plugins/academic_benchmark
  specs:
    academic_benchmark (1.1.0)
      academic_benchmarks (~> 0.0)
      rails (>= 3.2)

PATH
  remote: gems/plugins/account_reports
  specs:
    account_reports (1.1.0)
      rails (>= 3.2)

PATH
  remote: gems/plugins/moodle_importer
  specs:
    moodle_importer (1.0.0)
      moodle2cc (= 0.2.41)
      rails (>= 3.2)

PATH
  remote: gems/plugins/qti_exporter
  specs:
    qti_exporter (1.0.0)
      rails (>= 3.2)

PATH
  remote: gems/plugins/respondus_soap_endpoint
  specs:
    respondus_soap_endpoint (1.1.0)
      rails (>= 3.2)
      soap4r-middleware (= 0.8.7)
      soap4r-ruby1.9 (= 2.0.5)

PATH
  remote: gems/plugins/simply_versioned
  specs:
    simply_versioned (1.0.0)
      rails (>= 3.2)

PATH
  remote: gems/activesupport-suspend_callbacks
  specs:
    activesupport-suspend_callbacks (0.0.1)
      activesupport (>= 3.2)

PATH
  remote: gems/acts_as_list
  specs:
    acts_as_list (0.0.1)
      rails (>= 3.2)

PATH
  remote: gems/adheres_to_policy
  specs:
    adheres_to_policy (0.0.1)
      rails (>= 3.2)

PATH
  remote: gems/attachment_fu
  specs:
    attachment_fu (1.0.0)
      rails (>= 3.2)

PATH
  remote: gems/bookmarked_collection
  specs:
    bookmarked_collection (1.0.0)
      folio-pagination (~> 0.0.12)
      json_token
      paginated_collection
      rails (>= 3.2)
      will_paginate (~> 3.0)

PATH
  remote: gems/broadcast_policy
  specs:
    broadcast_policy (1.0.0)
      activesupport
      after_transaction_commit

PATH
  remote: gems/canvas_breach_mitigation
  specs:
    canvas_breach_mitigation (0.0.1)

PATH
  remote: gems/canvas_cassandra
  specs:
    canvas_cassandra (0.0.1)
      cassandra-cql (~> 1.2.2)

PATH
  remote: gems/canvas_color
  specs:
    canvas_color (0.0.1)

PATH
  remote: gems/canvas_crummy
  specs:
    canvas_crummy (0.0.1)

PATH
  remote: gems/canvas_dynamodb
  specs:
    canvas_dynamodb (0.0.1)
      aws-sdk-applicationautoscaling (~> 1.8)
      aws-sdk-dynamodb (~> 1.5)

PATH
  remote: gems/canvas_ext
  specs:
    canvas_ext (1.0.0)
      activesupport (>= 3.2)
      tzinfo

PATH
  remote: gems/canvas_http
  specs:
    canvas_http (1.0.0)
      multipart

PATH
  remote: gems/canvas_kaltura
  specs:
    canvas_kaltura (1.0.0)
      canvas_http
      canvas_slug
      canvas_sort
      multipart
      nokogiri

PATH
  remote: gems/canvas_mimetype_fu
  specs:
    canvas_mimetype_fu (0.0.1)

PATH
  remote: gems/canvas_panda_pub
  specs:
    canvas_panda_pub (1.0.0)
      canvas_http
      jwt (< 2.0)

PATH
  remote: gems/canvas_partman
  specs:
    canvas_partman (2.0.0)
      activerecord (>= 3.2)
      pg (>= 0.17, < 2.0)

PATH
  remote: gems/canvas_quiz_statistics
  specs:
    canvas_quiz_statistics (0.1.0)
      activesupport
      html_text_helper

PATH
  remote: gems/canvas_sanitize
  specs:
    canvas_sanitize (0.0.1)
      sanitize (= 2.1.1)

PATH
  remote: gems/canvas_slug
  specs:
    canvas_slug (0.0.1)

PATH
  remote: gems/canvas_sort
  specs:
    canvas_sort (1.0.0)

PATH
  remote: gems/canvas_stringex
  specs:
    canvas_stringex (0.0.1)
      rails (>= 3.2)

PATH
  remote: gems/canvas_text_helper
  specs:
    canvas_text_helper (0.0.1)
      i18n

PATH
  remote: gems/canvas_time
  specs:
    canvas_time (1.0.0)
      activesupport (>= 3.2)
      tzinfo

PATH
  remote: gems/canvas_unzip
  specs:
    canvas_unzip (0.0.1)
      canvas_mimetype_fu
      rubyzip (~> 1.2)

PATH
  remote: gems/csv_diff
  specs:
    csv_diff (1.0.0)
      sqlite3

PATH
  remote: gems/diigo
  specs:
    diigo (1.0.0)
      nokogiri

PATH
  remote: gems/event_stream
  specs:
    event_stream (0.0.1)
      bookmarked_collection
      canvas_cassandra
      inst_statsd
      json_token
      paginated_collection
      rails (>= 4.2)

PATH
  remote: gems/google_drive
  specs:
    google_drive (1.0.0)
      google-api-client (= 0.8.2)
      rails (>= 3.2)

PATH
  remote: gems/html_text_helper
  specs:
    html_text_helper (0.0.1)
      activesupport (>= 3.2)
      canvas_text_helper
      iconv (~> 1.0)
      nokogiri
      sanitize (~> 2.1.0)

PATH
  remote: gems/i18n_extraction
  specs:
    i18n_extraction (0.0.1)
      activesupport (>= 3.2)
      i18nliner (~> 0.1)
      ruby_parser (~> 3.7)
      sexp_processor (~> 4.2)

PATH
  remote: gems/i18n_tasks
  specs:
    i18n_tasks (0.0.1)
      activesupport (>= 3.2)
      i18n (>= 0.7, < 2)
      i18n_extraction
      ruby_parser (~> 3.7)
      utf8_cleaner

PATH
  remote: gems/incoming_mail_processor
  specs:
    incoming_mail_processor (0.0.1)
      activesupport (>= 3.2)
      aws-sdk-s3
      aws-sdk-sqs
      html_text_helper
      inst_statsd
      mail (~> 2.7.0)
      utf8_cleaner

PATH
  remote: gems/json_token
  specs:
    json_token (0.0.1)
      json

PATH
  remote: gems/linked_in
  specs:
    linked_in (1.0.0)
      nokogiri
      oauth

PATH
  remote: gems/live_events
  specs:
    live_events (1.0.0)
      activesupport
      aws-sdk-kinesis
      inst_statsd

PATH
  remote: gems/lti-advantage
  specs:
    lti-advantage (0.1.0)
      activemodel (~> 5.1)
      json-jwt (~> 1.5)

PATH
  remote: gems/lti_outbound
  specs:
    lti_outbound (0.0.1)
      i18n
      oauth

PATH
  remote: gems/multipart
  specs:
    multipart (0.0.1)
      canvas_slug
      mime-types (~> 3.2)

PATH
  remote: gems/paginated_collection
  specs:
    paginated_collection (1.0.0)
      folio-pagination (~> 0.0.12)
      will_paginate (~> 3.0)

PATH
  remote: gems/rubocop-canvas
  specs:
    rubocop-canvas (1.0.0)
      jira_ref_parser (= 1.0.1)
      rubocop (~> 0.52.0)

PATH
  remote: gems/selinimum
  specs:
    selinimum (0.0.1)
      activerecord (>= 3.2)
      activesupport (>= 3.2)
      aws-sdk-s3 (= 1.19.0)
      globby (>= 0.1.2)

PATH
  remote: gems/stringify_ids
  specs:
    stringify_ids (1.0.0)

PATH
  remote: gems/twitter
  specs:
    twitter (1.0.0)
      html_text_helper
      oauth

PATH
  remote: gems/utf8_cleaner
  specs:
    utf8_cleaner (0.0.1)
      iconv (~> 1.0)

PATH
  remote: gems/workflow
  specs:
    workflow (0.0.1)
      rails (>= 3.2)

PATH
  remote: gems
  specs:
    autoextend (1.0.0)

GEM
  remote: https://rubygems.org/
  specs:
    academic_benchmarks (0.0.10)
      activesupport (>= 3.2.22, < 6.0)
      httparty (~> 0.13)
    actioncable (5.1.6.2)
      actionpack (= 5.1.6.2)
      nio4r (~> 2.0)
      websocket-driver (~> 0.6.1)
    actionmailer (5.1.6.2)
      actionpack (= 5.1.6.2)
      actionview (= 5.1.6.2)
      activejob (= 5.1.6.2)
      mail (~> 2.5, >= 2.5.4)
      rails-dom-testing (~> 2.0)
    actionpack (5.1.6.2)
      actionview (= 5.1.6.2)
      activesupport (= 5.1.6.2)
      rack (~> 2.0)
      rack-test (>= 0.6.3)
      rails-dom-testing (~> 2.0)
      rails-html-sanitizer (~> 1.0, >= 1.0.2)
    actionview (5.1.6.2)
      activesupport (= 5.1.6.2)
      builder (~> 3.1)
      erubi (~> 1.4)
      rails-dom-testing (~> 2.0)
      rails-html-sanitizer (~> 1.0, >= 1.0.3)
    active_model-better_errors (1.6.7)
      activemodel (>= 3.0)
    activejob (5.1.6.2)
      activesupport (= 5.1.6.2)
      globalid (>= 0.3.6)
    activemodel (5.1.6.2)
      activesupport (= 5.1.6.2)
    activerecord (5.1.6.2)
      activemodel (= 5.1.6.2)
      activesupport (= 5.1.6.2)
      arel (~> 8.0)
    activesupport (5.1.6.2)
      concurrent-ruby (~> 1.0, >= 1.0.2)
      i18n (>= 0.7, < 2)
      minitest (~> 5.1)
      tzinfo (~> 1.1)
    addressable (2.5.2)
      public_suffix (>= 2.0.2, < 4.0)
    adobe_connect (1.0.8)
      activesupport (>= 2.3.17)
      nokogiri (>= 1.5.5, < 1.11)
      rake (>= 0.9.2)
    aes_key_wrap (1.0.1)
    after_transaction_commit (2.0.0)
      activerecord (>= 5.0)
    archive-zip (0.12.0)
      io-like (~> 0.3.0)
    arel (8.0.0)
    aroi (0.0.6)
      rails (>= 3.2, < 5.3)
    ast (2.4.0)
    authlogic (4.0.1)
      activerecord (>= 4.2, < 5.3)
      activesupport (>= 4.2, < 5.3)
      request_store (~> 1.0)
      scrypt (>= 1.2, < 4.0)
    autoparse (0.3.3)
      addressable (>= 2.3.1)
      extlib (>= 0.9.15)
      multi_json (>= 1.0.0)
    awesome_print (1.8.0)
    aws-eventstream (1.0.3)
    aws-partitions (1.173.0)
    aws-sdk-applicationautoscaling (1.15.0)
      aws-sdk-core (~> 3, >= 3.26.0)
      aws-sigv4 (~> 1.0)
    aws-sdk-autoscaling (1.5.0)
      aws-sdk-core (~> 3)
      aws-sigv4 (~> 1.0)
    aws-sdk-core (3.27.0)
      aws-eventstream (~> 1.0)
      aws-partitions (~> 1.0)
      aws-sigv4 (~> 1.0)
      jmespath (~> 1.0)
    aws-sdk-dynamodb (1.5.0)
      aws-sdk-core (~> 3)
      aws-sigv4 (~> 1.0)
    aws-sdk-kinesis (1.6.0)
      aws-sdk-core (~> 3, >= 3.26.0)
      aws-sigv4 (~> 1.0)
    aws-sdk-kms (1.9.0)
      aws-sdk-core (~> 3, >= 3.26.0)
      aws-sigv4 (~> 1.0)
    aws-sdk-s3 (1.19.0)
      aws-sdk-core (~> 3, >= 3.26.0)
      aws-sdk-kms (~> 1)
      aws-sigv4 (~> 1.0)
    aws-sdk-sns (1.5.0)
      aws-sdk-core (~> 3, >= 3.26.0)
      aws-sigv4 (~> 1.0)
    aws-sdk-sqs (1.6.0)
      aws-sdk-core (~> 3, >= 3.26.0)
      aws-sigv4 (~> 1.0)
    aws-sigv4 (1.0.3)
    barby (0.6.5)
    bcrypt (3.1.11)
    bindata (2.4.4)
    bluecloth (2.2.0)
    brakeman (4.5.1)
    brotli (0.2.0)
    browser (2.5.3)
    builder (3.2.3)
    byebug (11.0.0)
    canvas_connect (0.3.11)
      adobe_connect (~> 1.0.0)
      rake (>= 0.9.6)
    canvas_webex (0.17)
      railties
    childprocess (0.9.0)
      ffi (~> 1.0, >= 1.0.11)
    chromedriver-helper (2.1.0)
      archive-zip (~> 0.10)
      nokogiri (~> 1.8)
    chunky_png (1.3.10)
    colored (1.2)
    colorize (0.8.1)
    concurrent-ruby (1.1.5)
    crack (0.4.3)
      safe_yaml (~> 1.0.0)
    crass (1.0.4)
    crocodoc-ruby (0.0.1)
      json
    database_cleaner (1.7.0)
    diff-lcs (1.3)
    digest-murmurhash (1.1.1)
    docile (1.1.5)
    dogstatsd-ruby (3.3.0)
    domain_name (0.5.20180417)
      unf (>= 0.0.5, < 1.0.0)
    dotenv (2.2.1)
    dress_code (1.2.0)
      colored
      mustache
      pygments.rb
      redcarpet
    ecma-re-validator (0.1.2)
      regexp_parser (~> 0.2)
    encrypted_cookie_store-instructure (1.2.8)
      actionpack (>= 4.2, < 5.3)
    erubi (1.7.1)
    escape_code (0.2)
    et-orbi (1.0.8)
      tzinfo
    extlib (0.9.16)
    faraday (0.15.4)
      multipart-post (>= 1.2, < 3)
    faraday_middleware (0.13.1)
      faraday (>= 0.7.4, < 1.0)
    ffi (1.9.18)
    ffi-compiler (1.0.1)
      ffi (>= 1.0.0)
      rake
    ffi-icu (0.1.10)
      ffi (~> 1.0, >= 1.0.9)
    filelock (1.1.1)
    find_a_port (1.0.1)
    folio-pagination (0.0.12)
    gepub (1.0.1)
      nokogiri (>= 1.8.2, < 1.11)
      rubyzip (>= 1.1.1)
    gergich (0.2.2)
      httparty (~> 0.6)
      sqlite3 (~> 1.3)
    globalid (0.4.2)
      activesupport (>= 4.2.0)
    globby (0.1.2)
    google-api-client (0.8.2)
      activesupport (>= 3.2)
      addressable (~> 2.3)
      autoparse (~> 0.3)
      extlib (~> 0.9)
      faraday (~> 0.9)
      launchy (~> 2.4)
      multi_json (~> 1.10)
      retriable (~> 1.4)
      signet (~> 0.6)
    graphql (1.9.3)
    graphql-batch (0.3.9)
      graphql (>= 0.8, < 2)
      promise.rb (~> 0.7.2)
    hana (1.3.5)
    hashdiff (0.3.7)
    hashery (2.1.2)
    headless (2.3.1)
    highline (1.7.10)
    http-cookie (1.0.3)
      domain_name (~> 0.5)
    httparty (0.16.1)
      multi_xml (>= 0.5.2)
    httpclient (2.8.3)
    i18n (0.9.5)
      concurrent-ruby (~> 1.0)
    i18nliner (0.1.0)
      activesupport (>= 3.0)
      erubi (~> 1.7.1)
      globby (>= 0.1.1)
      nokogiri (>= 1.5.0)
      ruby2ruby (~> 2.4)
      ruby_parser (~> 3.10)
      sexp_processor (~> 4.10)
      ya2yaml (= 0.31)
    icalendar (2.5.1)
      ice_cube (~> 0.16)
    ice_cube (0.16.3)
    iconv (1.0.8)
    imperium (0.5.0)
      addressable (~> 2.5.0)
      httpclient (~> 2.8)
    ims-lti (2.2.3)
      addressable (~> 2.5, >= 2.5.1)
      builder (~> 3.2)
      faraday (~> 0.8)
      faraday_middleware (~> 0.8)
      json-jwt (~> 1.7)
      simple_oauth (~> 0.3.1)
    inst-jobs (0.15.5)
      activerecord (>= 4.2)
      activesupport (>= 4.2)
      after_transaction_commit (>= 1.0, < 3)
      railties (>= 4.2)
      redis (> 3.0)
      redis-scripting (~> 1.0.1)
      rufus-scheduler (~> 3.4, < 3.5)
    inst-jobs-autoscaling (1.0.5)
      aws-sdk-autoscaling
      inst-jobs (>= 0.15.2)
    inst-jobs-statsd (1.2.3)
      inst-jobs (>= 0.13, < 0.16)
      inst_statsd (>= 2.1.2, < 3.0)
    inst_statsd (2.1.4)
      aroi (~> 0.0.4)
      dogstatsd-ruby (~> 3.3)
      statsd-ruby (~> 1.0)
    instructure-happymapper (0.5.10)
      nokogiri (~> 1.5)
    io-like (0.3.0)
    iso8601 (0.12.1)
    jira_ref_parser (1.0.1)
    jmespath (1.4.0)
    json (2.2.0)
    json-jwt (1.9.4)
      activesupport
      aes_key_wrap
      bindata
    json_schemer (0.1.7)
      ecma-re-validator (~> 0.1.2)
      hana (~> 1.3.3)
      regexp_parser (~> 0.5.0)
      uri_template (~> 0.7.0)
    jwt (1.5.6)
    launchy (2.4.3)
      addressable (~> 2.3)
    letter_opener (1.6.0)
      launchy (~> 2.2)
    link_header (0.0.8)
    loofah (2.2.3)
      crass (~> 1.0.2)
      nokogiri (>= 1.5.9)
    luminosity_contrast (0.2.1)
    mail (2.7.0)
      mini_mime (>= 0.1.1)
    marginalia (1.5.0)
      actionpack (>= 2.3)
      activerecord (>= 2.3)
    method_source (0.9.2)
    mime-types (3.2.2)
      mime-types-data (~> 3.2015)
    mime-types-data (3.2019.0331)
    mini_magick (4.8.0)
    mini_mime (1.0.0)
    mini_portile2 (2.4.0)
    minitest (5.11.3)
    moodle2cc (0.2.41)
      builder
      instructure-happymapper (~> 0.5.10)
      nokogiri
      rdiscount
      rubyzip (>= 1.0.0)
      thor
    multi_json (1.13.1)
    multi_xml (0.6.0)
    multipart-post (2.1.1)
    mustache (1.0.5)
    net-ldap (0.16.1)
    netaddr (1.5.1)
    netrc (0.11.0)
    nio4r (2.3.1)
    nokogiri (1.10.1)
      mini_portile2 (~> 2.4.0)
    nokogiri-xmlsec-instructure (0.9.6)
      nokogiri
    oauth (0.5.4)
    oauth2 (1.4.1)
      faraday (>= 0.8, < 0.16.0)
      jwt (>= 1.0, < 3.0)
      multi_json (~> 1.3)
      multi_xml (~> 0.5)
      rack (>= 1.2, < 3)
    oj (3.3.9)
    once-ler (0.1.4)
      activerecord (>= 4.0)
      rspec (>= 3.0)
    open4 (1.3.4)
    pact-messages (0.2.0)
      pact (~> 1.9)
    pact-mock_service (2.12.0)
      filelock (~> 1.1)
      find_a_port (~> 1.0.1)
      json
      pact-support (~> 1.2, >= 1.2.1)
      rack (~> 2.0)
      rspec (>= 2.14)
      term-ansicolor (~> 1.0)
      thor (~> 0.19)
      webrick (~> 1.3)
    pact_broker-client (1.18.0)
      httparty
      json
      rake
      table_print (~> 1.5)
      term-ansicolor
      thor (~> 0.20)
    parallel (1.12.1)
    parser (2.6.3.0)
      ast (~> 2.4.0)
    pdf-core (0.7.0)
    pg (1.0.0)
    powerpack (0.1.2)
    prawn (2.2.2)
      pdf-core (~> 0.7.0)
      ttfunk (~> 1.5)
    prawn-rails (1.2.0)
      prawn
      prawn-table
      rails (>= 3.1.0)
    prawn-table (0.2.2)
      prawn (>= 1.3.0, < 3.0.0)
    promise.rb (0.7.4)
    public_suffix (3.1.0)
    puma (3.11.3)
    pygments.rb (1.2.1)
      multi_json (>= 1.0.0)
    rack (2.0.6)
    rack-test (0.8.3)
      rack (>= 1.0, < 3)
    rails (5.1.6.2)
      actioncable (= 5.1.6.2)
      actionmailer (= 5.1.6.2)
      actionpack (= 5.1.6.2)
      actionview (= 5.1.6.2)
      activejob (= 5.1.6.2)
      activemodel (= 5.1.6.2)
      activerecord (= 5.1.6.2)
      activesupport (= 5.1.6.2)
      bundler (>= 1.3.0)
      railties (= 5.1.6.2)
      sprockets-rails (>= 2.0.0)
    rails-controller-testing (1.0.2)
      actionpack (~> 5.x, >= 5.0.1)
      actionview (~> 5.x, >= 5.0.1)
      activesupport (~> 5.x)
    rails-dom-testing (2.0.3)
      activesupport (>= 4.2.0)
      nokogiri (>= 1.6)
    rails-html-sanitizer (1.0.4)
      loofah (~> 2.2, >= 2.2.2)
    rails-observers (0.1.5)
      activemodel (>= 4.0)
    railties (5.1.6.2)
      actionpack (= 5.1.6.2)
      activesupport (= 5.1.6.2)
      method_source
      rake (>= 0.8.7)
      thor (>= 0.18.1, < 2.0)
    rainbow (3.0.0)
    rake (12.3.1)
    randexp (0.1.7)
    ratom-nokogiri (0.10.8)
      nokogiri (>= 1.5.6, < 1.11)
    rdiscount (1.6.8)
    redcarpet (3.4.0)
    redis (4.0.1)
    redis-actionpack (5.0.2)
      actionpack (>= 4.0, < 6)
      redis-rack (>= 1, < 3)
      redis-store (>= 1.1.0, < 2)
    redis-rack (2.0.5)
      rack (>= 1.5, < 3)
      redis-store (>= 1.2, < 2)
    redis-rails (5.0.2)
      redis-actionpack (>= 5.0, < 6)
      redis-activesupport (>= 5.0, < 6)
      redis-store (>= 1.2, < 2)
    redis-scripting (1.0.1)
      redis (>= 3.0)
    regexp_parser (0.5.0)
    request_store (1.4.1)
      rack (>= 1.4)
    rest-client (2.0.2)
      http-cookie (>= 1.0.2, < 2.0)
      mime-types (>= 1.16, < 4.0)
      netrc (~> 0.8)
    retriable (1.4.1)
    ritex (1.0.1)
    rotp (3.3.1)
    rqrcode (0.10.1)
      chunky_png (~> 1.0)
    rspec (3.8.0)
      rspec-core (~> 3.8.0)
      rspec-expectations (~> 3.8.0)
      rspec-mocks (~> 3.8.0)
    rspec-collection_matchers (1.1.3)
      rspec-expectations (>= 2.99.0.beta1)
    rspec-core (3.8.0)
      rspec-support (~> 3.8.0)
    rspec-expectations (3.8.3)
      diff-lcs (>= 1.2.0, < 2.0)
      rspec-support (~> 3.8.0)
    rspec-mocks (3.8.0)
      diff-lcs (>= 1.2.0, < 2.0)
      rspec-support (~> 3.8.0)
    rspec-rails (3.8.2)
      actionpack (>= 3.0)
      activesupport (>= 3.0)
      railties (>= 3.0)
      rspec-core (~> 3.8.0)
      rspec-expectations (~> 3.8.0)
      rspec-mocks (~> 3.8.0)
      rspec-support (~> 3.8.0)
    rspec-support (3.8.0)
    rspec_around_all (0.2.0)
      rspec (>= 2.0)
    rubocop (0.52.1)
      parallel (~> 1.10)
      parser (>= 2.4.0.2, < 3.0)
      powerpack (~> 0.1)
      rainbow (>= 2.2.2, < 4.0)
      ruby-progressbar (~> 1.7)
      unicode-display_width (~> 1.0, >= 1.0.1)
    rubocop-rspec (1.22.2)
      rubocop (>= 0.52.1)
    ruby-duration (3.2.3)
      activesupport (>= 3.0.0)
      i18n
      iso8601
    ruby-progressbar (1.9.0)
    ruby2ruby (2.4.1)
      ruby_parser (~> 3.1)
      sexp_processor (~> 4.6)
    ruby_parser (3.11.0)
      sexp_processor (~> 4.9)
    rubycas-client (2.3.9)
      activesupport
    rubyzip (1.2.2)
    rufus-scheduler (3.4.2)
      et-orbi (~> 1.0)
    safe_yaml (1.0.4)
    saml2 (3.0.7)
      activesupport (>= 3.2, < 5.3)
      nokogiri (>= 1.5.8, < 1.11)
      nokogiri-xmlsec-instructure (~> 0.9, >= 0.9.5)
    sanitize (2.1.1)
      nokogiri (>= 1.4.4)
    sauce_whisk (0.1.0)
      json
      rest-client (~> 2.0)
    scrypt (3.0.6)
      ffi-compiler (>= 1.0, < 2.0)
    selenium-webdriver (3.142.3)
      childprocess (>= 0.5, < 2.0)
      rubyzip (~> 1.2, >= 1.2.2)
    sentry-raven (2.7.2)
      faraday (>= 0.7.6, < 1.0)
    sexp_processor (4.12.1)
    shackles (1.4.1)
      activerecord (>= 4.0, < 5.3)
      railties (>= 4.0, < 5.3)
    shoulda-matchers (3.1.3)
      activesupport (>= 4.0.0)
    signet (0.11.0)
      addressable (~> 2.3)
      faraday (~> 0.9)
      jwt (>= 1.5, < 3.0)
      multi_json (~> 1.10)
    simple_oauth (0.3.1)
    simple_uuid (0.4.0)
    simplecov (0.15.1)
      docile (~> 1.1.0)
      json (>= 1.8, < 3)
      simplecov-html (~> 0.10.0)
    simplecov-html (0.10.2)
    simplecov-rcov (0.2.3)
      simplecov (>= 0.4.1)
    soap4r-middleware (0.8.7)
      soap4r-ruby1.9 (= 2.0.5)
    soap4r-ruby1.9 (2.0.5)
    spring (2.0.2)
      activesupport (>= 4.2)
    spring-commands-rspec (1.0.4)
      spring (>= 0.9.1)
    sprockets (3.7.2)
      concurrent-ruby (~> 1.0)
      rack (> 1, < 3)
    sprockets-rails (3.2.1)
      actionpack (>= 4.0)
      activesupport (>= 4.0)
      sprockets (>= 3.0.0)
    sqlite3 (1.3.13)
    statsd-ruby (1.4.0)
    switchman (1.13.2)
      activerecord (>= 5.0, < 5.3)
      open4 (~> 1.3.0)
      railties (>= 5.0, < 5.3)
      shackles (~> 1.3)
    switchman-inst-jobs (1.3.3)
      inst-jobs (>= 0.12.1, < 0.16)
      railties (>= 4.2, < 5.3)
      switchman (>= 1.9.7, < 1.14)
    table_print (1.5.6)
    term-ansicolor (1.7.1)
      tins (~> 1.0)
    testingbot (0.2.1)
      json
      rest-client (~> 2.0)
    testrail_client (0.0.1)
    testrailtagging (0.3.8.4)
      parser
      rspec
      testrail_client
    thor (0.20.3)
    thread_safe (0.3.6)
    thrift (0.9.3.0)
    timecop (0.9.1)
    tins (1.20.3)
    ttfunk (1.5.1)
    twilio-ruby (5.7.2)
      faraday (~> 0.9)
      jwt (>= 1.5, <= 2.5)
      nokogiri (>= 1.6, < 2.0)
    tzinfo (1.2.5)
      thread_safe (~> 0.1)
    unf (0.1.4)
      unf_ext
    unf_ext (0.0.7.6)
    unicode-display_width (1.6.0)
    uniform_notifier (1.11.0)
    uri_template (0.7.0)
    vericite_api (1.5.3)
      json (>= 1.4.6)
    webmock (3.5.1)
      addressable (>= 2.3.6)
      crack (>= 0.3.2)
      hashdiff
    webrick (1.4.2)
    websocket-driver (0.6.5)
      websocket-extensions (>= 0.1.0)
    websocket-extensions (0.1.4)
    will_paginate (3.1.6)
    ya2yaml (0.31)
    yard (0.9.5)
    yard-appendix (0.1.8)
      yard (>= 0.8.0)

PLATFORMS
  ruby

DEPENDENCIES
  academic_benchmark!
  academic_benchmarks (= 0.0.10)
  account_reports!
  active_model-better_errors (= 1.6.7)
  active_model_serializers (= 0.9.0alpha1)!
  activesupport-suspend_callbacks!
  acts_as_list!
  addressable (= 2.5.2)
  adheres_to_policy!
  adobe_connect (= 1.0.8)
  after_transaction_commit (= 2.0.0)
  aroi (= 0.0.6)
  attachment_fu!
  authlogic (= 4.0.1)
  autoextend!
  aws-sdk-autoscaling (= 1.5.0)
  aws-sdk-core (= 3.27.0)
  aws-sdk-dynamodb (= 1.5.0)
  aws-sdk-kinesis (= 1.6.0)
  aws-sdk-kms (= 1.9.0)
  aws-sdk-s3 (= 1.19.0)
  aws-sdk-sns (= 1.5.0)
  aws-sdk-sqs (= 1.6.0)
  aws-sigv4 (= 1.0.3)
  barby (= 0.6.5)
  bcrypt (= 3.1.11)
  bluecloth (= 2.2.0)
  bookmarked_collection!
  brakeman
  broadcast_policy!
  brotli (= 0.2.0)
  browser (= 2.5.3)
  builder (= 3.2.3)
  bullet (= 5.7.5)!
  bundler (>= 1.13.3, <= 1.17.3)
  byebug (= 11.0.0)
  canvas_breach_mitigation!
  canvas_cassandra!
  canvas_color!
  canvas_connect (= 0.3.11)
  canvas_crummy!
  canvas_dynamodb!
  canvas_ext!
  canvas_http!
  canvas_kaltura!
  canvas_mimetype_fu!
  canvas_panda_pub!
  canvas_partman!
  canvas_quiz_statistics!
  canvas_sanitize!
  canvas_slug!
  canvas_sort!
  canvas_stringex!
  canvas_text_helper!
  canvas_time!
  canvas_unzip!
  canvas_webex (= 0.17)
  cassandra-cql (= 1.2.3)!
  childprocess (= 0.9.0)
  chromedriver-helper (= 2.1.0)
  chunky_png (= 1.3.10)
  colored (= 1.2)
  colorize (= 0.8.1)
  crack (= 0.4.3)
  crocodoc-ruby (= 0.0.1)
  csv_diff!
  database_cleaner (~> 1.5, >= 1.5.3)
  digest-murmurhash (= 1.1.1)
  diigo!
  docile (= 1.1.5)
  dogstatsd-ruby (= 3.3.0)
  dotenv (= 2.2.1)
  dress_code (= 1.2.0)
  encrypted_cookie_store-instructure (= 1.2.8)
  escape_code (= 0.2)
  et-orbi (= 1.0.8)
  event_stream!
  ffi (= 1.9.18)
  ffi-icu (= 0.1.10)
  folio-pagination (= 0.0.12)
  gepub (= 1.0.1)
  gergich (= 0.2.2)
  google_drive!
  graphql (= 1.9.3)
  graphql-batch (= 0.3.9)
  hashdiff (= 0.3.7)
  hashery (= 2.1.2)
  headless (= 2.3.1)
  highline (= 1.7.10)
  html_text_helper!
  httparty (= 0.16.1)
  i18n (= 0.9.5)
  i18n_extraction!
  i18n_tasks!
  i18nliner (= 0.1.0)
  icalendar (= 2.5.1)
  imperium (= 0.5.0)
  ims-lti (= 2.2.3)
  incoming_mail_processor!
  inst-jobs (= 0.15.5)
  inst-jobs-autoscaling (= 1.0.5)
  inst-jobs-statsd (= 1.2.3)
  inst_statsd (= 2.1.4)
  jira_ref_parser (= 1.0.1)
  json (= 2.2.0)
  json-jwt (= 1.9.4)
  json_schemer (= 0.1.7)
  json_token!
  jwt (= 1.5.6)
  letter_opener (= 1.6.0)
  link_header (= 0.0.8)
  linked_in!
  live_events!
  loofah (= 2.2.3)
  lti-advantage!
  lti_outbound!
  luminosity_contrast (= 0.2.1)
  mail (= 2.7.0)
  marginalia (= 1.5.0)
  mime-types (= 3.2.2)
  mini_magick (= 4.8.0)
  mini_mime (= 1.0.0)
  moodle_importer!
  multi_json (= 1.13.1)
  multipart!
  mustache (= 1.0.5)
  net-ldap (= 0.16.1)
  netaddr (= 1.5.1)
  nokogiri (= 1.10.1)
  nokogiri-xmlsec-instructure (= 0.9.6)
  oauth (= 0.5.4)
  oauth2 (= 1.4.1)
  oj (= 3.3.9)
  once-ler (= 0.1.4)
  open4 (= 1.3.4)
  pact!
  pact-messages (= 0.2.0)
  pact-support!
  pact_broker-client
  paginated_collection!
  parallel (= 1.12.1)
  pg (= 1.0.0)
  prawn-rails (= 1.2.0)
  puma (= 3.11.3)
  pygments.rb (= 1.2.1)
  qti_exporter!
  rack (= 2.0.6)
  rails (= 5.1.6.2)
  rails-controller-testing (= 1.0.2)
  rails-dom-testing (= 2.0.3)
  rails-observers (= 0.1.5)
  rainbow (= 3.0.0)
  rake (= 12.3.1)
  ratom-nokogiri (= 0.10.8)
  rdiscount (= 1.6.8)
  redcarpet (= 3.4.0)
  redis (= 4.0.1)
  redis-activesupport (= 5.0.4)!
  redis-rails (= 5.0.2)
  redis-scripting (= 1.0.1)
  redis-store (= 1.4.1)!
  respondus_soap_endpoint!
  retriable (= 1.4.1)
  ritex (= 1.0.1)
  rotp (= 3.3.1)
  rqrcode (= 0.10.1)
  rspec (= 3.8.0)
  rspec-collection_matchers (= 1.1.3)
  rspec-rails (= 3.8.2)
  rspec_around_all (= 0.2.0)
  rubocop (= 0.52.1)
  rubocop-canvas!
  rubocop-rspec (= 1.22.2)
  ruby-duration (= 3.2.3)
  ruby-progressbar (= 1.9.0)
  ruby2ruby (= 2.4.1)
  ruby_parser (= 3.11.0)
  rubycas-client (= 2.3.9)
  rubyzip (= 1.2.2)
  rufus-scheduler (= 3.4.2)
  safe_yaml (= 1.0.4)
  saml2 (= 3.0.7)
  sanitize (= 2.1.1)
  sauce_whisk (= 0.1.0)
  scrypt (= 3.0.6)
  selenium-webdriver (= 3.142.3)
  selinimum (= 0.0.1)!
  sentry-raven (= 2.7.2)
  shackles (= 1.4.1)
  shoulda-matchers (= 3.1.3)
  simple_oauth (= 0.3.1)
  simple_uuid (= 0.4.0)
  simplecov (= 0.15.1)
  simplecov-rcov (= 0.2.3)
  simply_versioned!
  spring (= 2.0.2)
  spring-commands-rspec (= 1.0.4)
  sqlite3 (= 1.3.13)
  statsd-ruby (= 1.4.0)
  stringify_ids!
  switchman (= 1.13.2)
  switchman-inst-jobs (= 1.3.3)
  test-queue!
  testingbot
  testrailtagging (= 0.3.8.4)
  thrift (= 0.9.3.0)
  thrift_client (= 0.9.3)!
  timecop (= 0.9.1)
  twilio-ruby (= 5.7.2)
  twitter!
  tzinfo (= 1.2.5)
  utf8_cleaner!
  vericite_api (= 1.5.3)
  webmock (= 3.5.1)
  will_paginate (= 3.1.6)
  workflow!
  yard (= 0.9.5)
  yard-appendix (= 0.1.8)

RUBY VERSION
   ruby 2.4.6p354

BUNDLED WITH
   1.17.3
